GEM
  remote: https://rubygems.org/
  specs:
    amq-protocol (2.3.0)
    bunny (2.14.3)
      amq-protocol (~> 2.3, >= 2.3.0)
    rake (13.0.1)

PLATFORMS
  ruby

DEPENDENCIES
  bunny
  rake

BUNDLED WITH
   2.0.2
